GEM
  remote: https://rubygems.org/
  specs:
    chronic_duration (0.10.2)
      numerizer (~> 0.1.1)
    htmlentities (4.3.1)
    httparty (0.11.0)
      multi_json (~> 1.0)
      multi_xml (>= 0.5.2)
    multi_json (1.7.7)
    multi_xml (0.5.4)
    numerizer (0.1.1)

PLATFORMS
  ruby

DEPENDENCIES
  chronic_duration (= 0.10.2)
  htmlentities (= 4.3.1)
  httparty (= 0.11.0)
